GEM
  remote: http://rubygems.org/
  specs:
    diff-lcs (1.1.3)
    faraday (0.8.4)
      multipart-post (~> 1.1)
    ffi (1.1.5)
    foreman (0.47.0)
      thor (>= 0.13.6)
    haml (3.1.6)
    json (1.6.5)
    mime-types (1.19)
    multipart-post (1.1.5)
    rack (1.4.1)
    rack-protection (1.2.0)
      rack
    rack-test (0.6.1)
      rack (>= 1.0)
    rspec (2.5.0)
      rspec-core (~> 2.5.0)
      rspec-expectations (~> 2.5.0)
      rspec-mocks (~> 2.5.0)
    rspec-core (2.5.2)
    rspec-expectations (2.5.0)
      diff-lcs (~> 1.1.2)
    rspec-mocks (2.5.0)
    sinatra (1.3.2)
      rack (~> 1.3, >= 1.3.6)
      rack-protection (~> 1.2)
      tilt (~> 1.3, >= 1.3.3)
    thor (0.15.4)
    tilt (1.3.3)
    typhoeus (0.4.2)
      ffi (~> 1.0)
      mime-types (~> 1.18)
    yajl-ruby (1.1.0)

PLATFORMS
  ruby

DEPENDENCIES
  faraday
  foreman
  haml
  json
  rack
  rack-test (~> 0.6.0)
  rspec (~> 2.5.0)
  sinatra (>= 1.3.2)
  typhoeus
  yajl-ruby
